GEM
  remote: https://rubygems.org/
  specs:
    csv (3.3.4)
    json (2.12.0)

PLATFORMS
  ruby
  x86_64-darwin-22

DEPENDENCIES
  csv
  json

BUNDLED WITH
   2.6.8
